GEM
  remote: https://rubygems.org/
  specs:
    language_server-protocol (3.17.0.1)
    prettier_print (0.1.0)
    ruby-lsp (0.2.4)
      language_server-protocol
      sorbet-runtime
      syntax_tree (>= 2.4)
    sorbet-runtime (0.5.10399)
    syntax_tree (3.5.0)
      prettier_print

PLATFORMS
  x86_64-darwin-21

DEPENDENCIES
  ruby-lsp (~> 0.2.2)

BUNDLED WITH
   2.2.3
